GEM
  remote: https://rubygems.org/
  specs:
    wkhtmltopdf-binary (0.9.9.3)

PLATFORMS
  ruby

DEPENDENCIES
  wkhtmltopdf-binary

BUNDLED WITH
   1.11.2
