GEM
  remote: https://rubygems.org/
  specs:
    wkhtmltopdf-heroku (2.12.3.0)

PLATFORMS
  ruby

DEPENDENCIES
  wkhtmltopdf-heroku

BUNDLED WITH
   1.11.2
